PATH
  remote: .
  specs:
    c_lang_gem (0.1.0)

GEM
  remote: https://rubygems.org/
  specs:
    rake (13.0.6)
    rake-compiler (1.2.3)
      rake

PLATFORMS
  arm64-darwin-23

DEPENDENCIES
  c_lang_gem!
  rake (~> 13.0)
  rake-compiler

BUNDLED WITH
   2.4.10
